GEM
  remote: https://rubygems.org/
  specs:
    braintree (2.42.0)
      builder (>= 2.0.0)
    bson (3.0.2)
    builder (3.2.2)
    domain_name (0.5.24)
      unf (>= 0.0.5, < 1.0.0)
    dotenv (2.0.1)
    http-cookie (1.0.2)
      domain_name (~> 0.5)
    json (1.8.1)
    jwt (1.4.1)
    mime-types (2.5)
    mongo (2.0.3)
      bson (~> 3.0)
    multi_json (1.11.0)
    netrc (0.10.3)
    rack (1.6.0)
    rack-protection (1.5.3)
      rack
    rest-client (1.8.0)
      http-cookie (>= 1.0.2, < 2.0)
      mime-types (>= 1.16, < 3.0)
      netrc (~> 0.7)
    sendgrid-ruby (0.0.3)
      rest-client
      smtpapi
    sinatra (1.4.6)
      rack (~> 1.4)
      rack-protection (~> 1.4)
      tilt (>= 1.3, < 3)
    smtpapi (0.1.0)
    tilt (1.4.1)
    twilio-ruby (3.16.1)
      builder (>= 2.1.2)
      jwt (~> 1.0)
      multi_json (>= 1.3.0)
    unf (0.1.4)
      unf_ext
    unf_ext (0.0.7.1)

PLATFORMS
  ruby

DEPENDENCIES
  braintree
  dotenv
  json (= 1.8.1)
  mongo (= 2.0.3)
  sendgrid-ruby
  sinatra (= 1.4.6)
  twilio-ruby
