GEM
  remote: https://rubygems.org/
  specs:
    bson (3.0.1)
    builder (3.2.2)
    dotenv (2.0.1)
    json (1.8.1)
    jwt (1.4.1)
    mongo (2.0.2)
      bson (~> 3.0)
    multi_json (1.11.0)
    rack (1.6.0)
    rack-protection (1.5.3)
      rack
    sinatra (1.4.6)
      rack (~> 1.4)
      rack-protection (~> 1.4)
      tilt (>= 1.3, < 3)
    tilt (1.4.1)
    twilio-ruby (3.16.1)
      builder (>= 2.1.2)
      jwt (~> 1.0)
      multi_json (>= 1.3.0)

PLATFORMS
  ruby

DEPENDENCIES
  dotenv
  json (= 1.8.1)
  mongo
  sinatra (= 1.4.6)
  twilio-ruby
